GIT
  remote: https://github.com/follmann/middleman-favicon-maker.git
  revision: d5c0960114fc575d93251b918678ed316b1dfc1b
  branch: master
  specs:
    middleman-favicon-maker (4.1.0)
      favicon_maker (~> 1.3, >= 1.3.1)
      middleman-core (~> 4.0)

GIT
  remote: https://github.com/middleman-contrib/middleman-deploy.git
  revision: 4d04b550b4c6888265d83ee9689f41e29dbae535
  branch: master
  specs:
    middleman-deploy (2.0.0.pre.alpha)
      middleman-core (>= 3.2)
      net-sftp
      ptools

GIT
  remote: https://github.com/middleman/middleman-blog.git
  revision: fec110fad6b6535f875ae4d1c6d3ab0f5866228f
  branch: master
  specs:
    middleman-blog (4.0.2)
      addressable (~> 2.3)
      middleman-core (>= 4.0.0)
      tzinfo (>= 0.3.0)

GIT
  remote: https://github.com/middleman/middleman-minify-html.git
  revision: 22fb6363471e3357ff5b575c40c3127064f54787
  branch: master
  specs:
    middleman-minify-html (3.4.1)
      htmlcompressor (~> 0.2.0)
      middleman-core (>= 3.2)

GIT
  remote: https://github.com/middleman/middleman.git
  revision: 1f33cfdf3ceef22d61e0a713a27ceb0021be84e2
  branch: master
  specs:
    middleman-cli (4.2.1)
      thor (>= 0.17.0, < 2.0)
    middleman-core (4.2.1)
      activesupport (>= 4.2, < 5.2)
      addressable (~> 2.3)
      bundler (~> 1.1)
      contracts (~> 0.13)
      dotenv
      erubis
      execjs (~> 2.0)
      fastimage (~> 2.0)
      hamster (~> 3.0)
      hashie (~> 3.4)
      i18n (~> 0.7)
      listen (~> 3.0)
      memoist (~> 0.14)
      padrino-helpers (~> 0.13.0)
      parallel
      rack (>= 1.4.5, < 3)
      sass (>= 3.4)
      servolux
      tilt (~> 2.0)
      uglifier (~> 3.0)

GEM
  remote: https://rubygems.org/
  specs:
    activesupport (5.1.4)
      concurrent-ruby (~> 1.0, >= 1.0.2)
      i18n (~> 0.7)
      minitest (~> 5.1)
      tzinfo (~> 1.1)
    addressable (2.5.2)
      public_suffix (>= 2.0.2, < 4.0)
    builder (3.2.3)
    coffee-script (2.4.1)
      coffee-script-source
      execjs
    coffee-script-source (1.12.2)
    concurrent-ruby (1.0.5)
    contracts (0.16.0)
    docile (1.2.0)
    dotenv (2.2.1)
    erubis (2.7.0)
    execjs (2.7.0)
    fastimage (2.1.1)
    favicon_maker (1.3.1)
      docile (~> 1.1)
    ffi (1.9.18)
    haml (4.0.7)
      tilt
    hamster (3.0.0)
      concurrent-ruby (~> 1.0)
    hashie (3.5.7)
    htmlcompressor (0.2.0)
    i18n (0.9.3)
      concurrent-ruby (~> 1.0)
    kramdown (1.16.2)
    listen (3.1.5)
      rb-fsevent (~> 0.9, >= 0.9.4)
      rb-inotify (~> 0.9, >= 0.9.7)
      ruby_dep (~> 1.2)
    memoist (0.16.0)
    minitest (5.11.2)
    net-sftp (2.1.2)
      net-ssh (>= 2.6.5)
    net-ssh (4.2.0)
    padrino-helpers (0.13.3.4)
      i18n (~> 0.6, >= 0.6.7)
      padrino-support (= 0.13.3.4)
      tilt (>= 1.4.1, < 3)
    padrino-support (0.13.3.4)
      activesupport (>= 3.1)
    parallel (1.12.1)
    ptools (1.3.5)
    public_suffix (3.0.1)
    rack (2.0.3)
    rb-fsevent (0.10.2)
    rb-inotify (0.9.10)
      ffi (>= 0.5.0, < 2)
    ruby-prof (0.17.0)
    ruby_dep (1.5.0)
    sass (3.5.5)
      sass-listen (~> 4.0.0)
    sass-listen (4.0.0)
      rb-fsevent (~> 0.9, >= 0.9.4)
      rb-inotify (~> 0.9, >= 0.9.7)
    servolux (0.13.0)
    thor (0.20.0)
    thread_safe (0.3.6)
    tilt (2.0.8)
    tzinfo (1.2.4)
      thread_safe (~> 0.1)
    uglifier (3.2.0)
      execjs (>= 0.3.0, < 3)

PLATFORMS
  ruby

DEPENDENCIES
  builder
  coffee-script
  haml (~> 4)
  kramdown
  middleman-blog!
  middleman-cli!
  middleman-core!
  middleman-deploy!
  middleman-favicon-maker!
  middleman-minify-html!
  ruby-prof

BUNDLED WITH
   1.16.1
